GEM
  remote: https://rubygems.org/
  specs:
    base64 (0.1.1)
    colorize (1.1.0)
    digest (3.1.1)
    net-ssh (7.2.0)
    net-telnet (0.2.0)
    optparse (0.3.1)
    pp (0.4.0)
      prettyprint
    prettyprint (0.1.1)
    resolv (0.2.2)
    tk (0.4.0)
    whois (5.1.0)

PLATFORMS
  x64-mingw-ucrt

DEPENDENCIES
  base64
  colorize
  digest
  net-ssh
  net-telnet
  optparse
  pp
  resolv
  tk
  whois

BUNDLED WITH
   2.4.10
